GEM
  remote: https://rubygems.org/
  specs:
    aws-sdk (1.61.0)
      aws-sdk-v1 (= 1.61.0)
    aws-sdk-v1 (1.61.0)
      json (~> 1.4)
      nokogiri (>= 1.4.4)
    http_proxy_from_env (0.0.2)
    json (1.8.2)
    mini_portile (0.6.2)
    net-irc (0.0.9)
    nokogiri (1.6.6.1)
      mini_portile (~> 0.6.0)
    slack-notifier (1.0.0)

PLATFORMS
  ruby

DEPENDENCIES
  aws-sdk
  http_proxy_from_env
  net-irc
  slack-notifier
